STORAGE: NONE
NUGET
  remote: https://api.nuget.org/v3/index.json
    FSharp.Control.AsyncSeq (3.2.1)
      FSharp.Core (>= 4.7.2) - restriction: >= netstandard2.0
      Microsoft.Bcl.AsyncInterfaces (>= 5.0) - restriction: >= netstandard2.0
    FSharp.Control.TaskSeq (0.4)
      FSharp.Core (>= 6.0.1) - restriction: >= netstandard2.1
    FSharp.Core (9.0.303) - restriction: || (>= net45) (>= netstandard2.0)
    FSharp.HashCollections (0.3.4)
      FSharp.Core (>= 6.0.7) - restriction: >= netcoreapp3.1
    FSharpPlus (1.7)
      FSharp.Core (>= 4.6.2) - restriction: >= net45
      FSharp.Core (>= 6.0.6) - restriction: || (&& (< net45) (>= netstandard2.0)) (>= netstandard2.1)
      System.ValueTuple (>= 4.4) - restriction: >= net45
    FsToolkit.ErrorHandling (5.0.1)
      FSharp.Core (>= 6.0.4) - restriction: || (&& (< net9.0) (>= netstandard2.1)) (&& (>= netstandard2.0) (< netstandard2.1))
      FSharp.Core (>= 9.0.300) - restriction: >= net9.0
      Microsoft.Bcl.AsyncInterfaces (>= 6.0) - restriction: && (>= netstandard2.0) (< netstandard2.1)
    Microsoft.Bcl.AsyncInterfaces (9.0.8) - restriction: >= netstandard2.0
      System.Threading.Tasks.Extensions (>= 4.5.4) - restriction: || (>= net462) (&& (>= netstandard2.0) (< netstandard2.1))
    System.Runtime.CompilerServices.Unsafe (6.1.2) - restriction: || (&& (>= net462) (>= netstandard2.0)) (&& (< netcoreapp2.1) (>= netstandard2.0) (< netstandard2.1))
    System.Threading.Tasks.Extensions (4.6.3) - restriction: || (&& (>= net462) (>= netstandard2.0)) (&& (>= netstandard2.0) (< netstandard2.1))
      System.Runtime.CompilerServices.Unsafe (>= 6.1.2) - restriction: || (>= net462) (&& (< netcoreapp2.1) (>= netstandard2.0) (< netstandard2.1))
    System.ValueTuple (4.6.1) - restriction: >= net45

GROUP Test
NUGET
  remote: https://www.nuget.org/api/v2
    Expecto (10.2.3)
      FSharp.Core (>= 7.0.200) - restriction: >= net6.0
      Mono.Cecil (>= 0.11.4 < 1.0) - restriction: >= net6.0
    Expecto.FsCheck (10.2.3)
      Expecto (>= 10.2.3) - restriction: >= net6.0
      FsCheck (>= 2.16.5 < 3.0) - restriction: >= net6.0
    FsCheck (2.16.6) - restriction: >= net6.0
      FSharp.Core (>= 4.2.3) - restriction: || (>= net452) (>= netstandard1.6)
    FSharp.Core (9.0.303) - restriction: >= net6.0
    Microsoft.ApplicationInsights (2.23) - restriction: >= net8.0
      System.Diagnostics.DiagnosticSource (>= 5.0) - restriction: || (&& (>= net452) (< netstandard2.0)) (&& (< net452) (>= netstandard2.0)) (>= net46)
    Microsoft.CodeCoverage (17.14.1) - restriction: || (>= net462) (>= net8.0)
    Microsoft.NET.Test.Sdk (17.14.1)
      Microsoft.CodeCoverage (>= 17.14.1) - restriction: || (>= net462) (>= net8.0)
      Microsoft.TestPlatform.TestHost (>= 17.14.1) - restriction: >= net8.0
    Microsoft.Testing.Extensions.Telemetry (1.8.2) - restriction: >= net8.0
      Microsoft.ApplicationInsights (>= 2.23) - restriction: >= netstandard2.0
      Microsoft.Testing.Platform (>= 1.8.2) - restriction: >= netstandard2.0
    Microsoft.Testing.Extensions.TrxReport.Abstractions (1.8.2) - restriction: >= net8.0
      Microsoft.Testing.Platform (>= 1.8.2) - restriction: >= netstandard2.0
    Microsoft.Testing.Extensions.VSTestBridge (1.8.2) - restriction: >= net8.0
      Microsoft.Testing.Extensions.Telemetry (>= 1.8.2) - restriction: >= netstandard2.0
      Microsoft.Testing.Extensions.TrxReport.Abstractions (>= 1.8.2) - restriction: >= netstandard2.0
      Microsoft.Testing.Platform (>= 1.8.2) - restriction: >= netstandard2.0
      Microsoft.TestPlatform.AdapterUtilities (>= 17.13) - restriction: >= netstandard2.0
      Microsoft.TestPlatform.ObjectModel (>= 17.13) - restriction: >= netstandard2.0
    Microsoft.Testing.Platform (1.8.2) - restriction: >= net8.0
    Microsoft.Testing.Platform.MSBuild (1.8.2) - restriction: >= net8.0
      Microsoft.Testing.Platform (>= 1.8.2) - restriction: >= netstandard2.0
    Microsoft.TestPlatform.AdapterUtilities (17.14.1) - restriction: >= net8.0
    Microsoft.TestPlatform.ObjectModel (17.14.1) - restriction: >= net8.0
      System.Reflection.Metadata (>= 8.0) - restriction: || (>= net462) (>= netstandard2.0)
    Microsoft.TestPlatform.TestHost (17.14.1) - restriction: >= net8.0
      Microsoft.TestPlatform.ObjectModel (>= 17.14.1) - restriction: >= net8.0
      Newtonsoft.Json (>= 13.0.3) - restriction: >= net8.0
    Mono.Cecil (0.11.6) - restriction: >= net6.0
    Newtonsoft.Json (13.0.3) - restriction: >= net8.0
    System.Collections.Immutable (9.0.8) - restriction: || (&& (>= net462) (>= net8.0)) (&& (>= net8.0) (< net9.0))
    System.Diagnostics.DiagnosticSource (9.0.8) - restriction: >= net8.0
    System.Reflection.Metadata (9.0.8) - restriction: >= net8.0
      System.Collections.Immutable (>= 9.0.8) - restriction: || (>= net462) (&& (>= net8.0) (< net9.0)) (&& (< net8.0) (>= netstandard2.0))
    YoloDev.Expecto.TestSdk (0.15.3)
      Expecto (>= 10.2.2 < 11.0) - restriction: >= net8.0
      FSharp.Core (>= 7.0.200) - restriction: >= net8.0
      Microsoft.Testing.Extensions.VSTestBridge (>= 1.6.2) - restriction: >= net8.0
      Microsoft.Testing.Platform.MSBuild (>= 1.6.2) - restriction: >= net8.0
